GIT
  remote: https://github.com/bkuhlmann/xdg
  revision: f26f926a8d98e2c883e4fc311a272e65ef1af30d
  tag: 3.1.0
  specs:
    xdg (3.1.0)

GIT
  remote: https://github.com/piotrmurach/tty-table
  revision: fcd968ccee6658c1b81078e0380401496b87763b
  ref: fcd968c
  specs:
    tty-table (0.11.0)
      equatable (~> 0.6)
      pastel (~> 0.8)
      strings (~> 0.1.8)
      tty-screen (~> 0.8)

GEM
  remote: https://rubygems.org/
  specs:
    commander-openflighthpc (1.1.2)
      highline (~> 1.7.2)
      paint (~> 2.1.0)
    equatable (0.6.1)
    highline (1.7.10)
    paint (2.1.1)
    pastel (0.8.0)
      tty-color (~> 0.5)
    strings (0.1.8)
      strings-ansi (~> 0.1)
      unicode-display_width (~> 1.5)
      unicode_utils (~> 1.4)
    strings-ansi (0.2.0)
    tty-color (0.5.1)
    tty-config (0.4.0)
    tty-cursor (0.7.1)
    tty-prompt (0.22.0)
      pastel (~> 0.8)
      tty-reader (~> 0.8)
    tty-reader (0.8.0)
      tty-cursor (~> 0.7)
      tty-screen (~> 0.8)
      wisper (~> 2.0)
    tty-screen (0.8.1)
    unicode-display_width (1.7.0)
    unicode_utils (1.4.0)
    wisper (2.0.1)

PLATFORMS
  ruby

DEPENDENCIES
  commander-openflighthpc (~> 1.1.0)
  tty-config
  tty-prompt
  tty-table!
  xdg!

