GIT
  remote: https://github.com/bkuhlmann/xdg
  revision: f26f926a8d98e2c883e4fc311a272e65ef1af30d
  tag: 3.1.0
  specs:
    xdg (3.1.0)

GEM
  remote: https://rubygems.org/
  specs:
    commander-openflighthpc (1.1.2)
      highline (~> 1.7.2)
      paint (~> 2.1.0)
    highline (1.7.10)
    paint (2.1.1)
    pastel (0.8.0)
      tty-color (~> 0.5)
    tty-color (0.5.1)
    tty-config (0.4.0)
    tty-cursor (0.7.1)
    tty-prompt (0.22.0)
      pastel (~> 0.8)
      tty-reader (~> 0.8)
    tty-reader (0.8.0)
      tty-cursor (~> 0.7)
      tty-screen (~> 0.8)
      wisper (~> 2.0)
    tty-screen (0.8.1)
    wisper (2.0.1)

PLATFORMS
  ruby

DEPENDENCIES
  commander-openflighthpc (~> 1.1.0)
  tty-config
  tty-prompt
  xdg!

BUNDLED WITH
   2.0.2
